GEM
  remote: https://rubygems.org/
  specs:
    geocoder (1.7.3)
    mustermann (1.1.1)
      ruby2_keywords (~> 0.0.1)
    nio4r (2.5.8)
    puma (5.5.2)
      nio4r (~> 2.0)
    rack (2.2.3)
    rack-protection (2.1.0)
      rack
    ruby2_keywords (0.0.5)
    sinatra (2.1.0)
      mustermann (~> 1.0)
      rack (~> 2.2)
      rack-protection (= 2.1.0)
      tilt (~> 2.0)
    sinatra-cross_origin (0.4.0)
    sqlite3 (1.4.2)
    tilt (2.0.10)

PLATFORMS
  x86_64-linux

DEPENDENCIES
  bundler
  geocoder
  puma
  rack
  sinatra
  sinatra-cross_origin
  sqlite3

BUNDLED WITH
   2.3.4
